NUGET
  remote: https://www.nuget.org/api/v2
    FSharp.Charting (2.1)
      FSharp.Core (>= 4.0.0.1)
    FSharp.Core (4.5.2)
    FSharp.Data (3.0)
      FSharp.Core (>= 4.0.0.1) - restriction: >= net45
      FSharp.Core (>= 4.3.4) - restriction: && (< net45) (>= netstandard2.0)
    FSharp.Text.RegexProvider (1.0)
